PATH
  remote: .
  specs:
    hydramata (0.0.1)
      configatron (= 3.0.0.rc1)

GEM
  remote: https://rubygems.org/
  specs:
    configatron (3.0.0.rc1)

PLATFORMS
  ruby

DEPENDENCIES
  hydramata!
